PATH
  remote: .
  specs:
    turbulence (0.0.9)
      ParseTree (~> 3.0.7)
      flog (= 2.5.0)
      json (>= 1.4.6)
      launchy (~> 2.0.0)

GEM
  remote: http://rubygems.org/
  specs:
    ParseTree (3.0.8)
      RubyInline (>= 3.7.0)
      sexp_processor (>= 3.0.0)
    RubyInline (3.11.0)
      ZenTest (~> 4.3)
    ZenTest (4.6.2)
    addressable (2.2.6)
    diff-lcs (1.1.3)
    flog (2.5.0)
      ruby_parser (~> 2.0)
      sexp_processor (~> 3.0)
    json (1.6.1)
    launchy (2.0.5)
      addressable (~> 2.2.6)
    rspec (2.6.0)
      rspec-core (~> 2.6.0)
      rspec-expectations (~> 2.6.0)
      rspec-mocks (~> 2.6.0)
    rspec-core (2.6.4)
    rspec-expectations (2.6.0)
      diff-lcs (~> 1.1.2)
    rspec-mocks (2.6.0)
    ruby_parser (2.3.1)
      sexp_processor (~> 3.0)
    sexp_processor (3.0.7)

PLATFORMS
  ruby
  x86-mingw32

DEPENDENCIES
  rspec (~> 2.6.0)
  turbulence!
