PATH
  remote: .
  specs:
    turbulence (1.1.0)
      flog (= 3.2.1)
      json (>= 1.4.6)
      launchy (~> 2.0.0)

GEM
  remote: http://rubygems.org/
  specs:
    addressable (2.2.8)
    diff-lcs (1.1.3)
    flog (3.2.1)
      ruby_parser (~> 3.1, > 3.1.0)
      sexp_processor (~> 4.0)
    json (1.8.0)
    launchy (2.0.5)
      addressable (~> 2.2.6)
    rake (10.1.0)
    rspec (2.6.0)
      rspec-core (~> 2.6.0)
      rspec-expectations (~> 2.6.0)
      rspec-mocks (~> 2.6.0)
    rspec-core (2.6.4)
    rspec-expectations (2.6.0)
      diff-lcs (~> 1.1.2)
    rspec-mocks (2.6.0)
    ruby_parser (3.2.2)
      sexp_processor (~> 4.1)
    sexp_processor (4.3.0)

PLATFORMS
  ruby
  x86-mingw32

DEPENDENCIES
  rake
  rspec (~> 2.6.0)
  turbulence!
